GEM
  remote: https://rubygems.org/
  specs:
    excon (0.39.6)
    googl (0.6.1)
      httparty (~> 0.8.3)
      json (>= 1.4.6)
    google-search (1.0.3)
      json
    httparty (0.8.3)
      multi_json (~> 1.0)
      multi_xml
    json (1.8.1)
    multi_json (1.10.1)
    multi_xml (0.5.5)
    rack (1.5.2)
    rack-protection (1.5.3)
      rack
    sinatra (1.4.5)
      rack (~> 1.4)
      rack-protection (~> 1.4)
      tilt (~> 1.3, >= 1.3.4)
    tilt (1.4.1)
    to_lang (0.3.1)
      httparty (~> 0.8.0)

PLATFORMS
  ruby

DEPENDENCIES
  excon
  googl
  google-search
  json
  sinatra
  to_lang
